GEM
  remote: https://rubygems.org/
  specs:
    ffi (1.17.0)
    ffi (1.17.0-x86_64-linux-gnu)
    listen (3.9.0)
      rb-fsevent (~> 0.10, >= 0.10.3)
      rb-inotify (~> 0.9, >= 0.9.10)
    nio4r (2.7.3)
    puma (6.4.3)
      nio4r (~> 2.0)
    rack (3.1.7)
    rb-fsevent (0.11.2)
    rb-inotify (0.11.1)
      ffi (~> 1.0)
    rerun (0.14.0)
      listen (~> 3.0)
    roda (3.84.0)
      rack

PLATFORMS
  ruby
  x86_64-linux

DEPENDENCIES
  puma
  rerun
  roda

BUNDLED WITH
   2.5.11
